GEM
  specs:
    builder (2.1.2)
    rack (1.2.2)
    rdiscount (1.6.8)
    toto (0.4.9)
      builder
      rack
      rdiscount

PLATFORMS
  ruby

DEPENDENCIES
  toto
